PATH
  remote: .
  specs:
    archimate (1.1.0)
      dry-struct (~> 0.1.0)
      highline (~> 1.7)
      nokogiri (~> 1.6)
      ox (~> 2.4.3)
      rmagick (~> 2.15)
      ruby-progressbar (~> 1.8.1)
      thor (~> 0.19)

GEM
  remote: https://rubygems.org/
  specs:
    byebug (9.0.6)
    coderay (1.1.1)
    concurrent-ruby (1.0.2)
    docile (1.1.5)
    dry-configurable (0.3.0)
      concurrent-ruby (~> 1.0)
    dry-container (0.5.0)
      concurrent-ruby (~> 1.0)
      dry-configurable (~> 0.1, >= 0.1.3)
    dry-core (0.2.0)
      concurrent-ruby (~> 1.0)
    dry-equalizer (0.2.0)
    dry-logic (0.4.0)
      dry-container (~> 0.2, >= 0.2.6)
      dry-core (~> 0.1)
      dry-equalizer (~> 0.2)
    dry-struct (0.1.1)
      dry-configurable (~> 0.1)
      dry-equalizer (~> 0.2)
      dry-types (~> 0.9, >= 0.9.0)
      ice_nine (~> 0.11)
    dry-types (0.9.2)
      concurrent-ruby (~> 1.0)
      dry-configurable (~> 0.1)
      dry-container (~> 0.3)
      dry-core (~> 0.2)
      dry-equalizer (~> 0.2)
      dry-logic (~> 0.4, >= 0.4.0)
      inflecto (~> 0.0.0, >= 0.0.2)
    faker (1.6.6)
      i18n (~> 0.5)
    ffi (1.9.14)
    formatador (0.2.5)
    guard (2.14.0)
      formatador (>= 0.2.4)
      listen (>= 2.7, < 4.0)
      lumberjack (~> 1.0)
      nenv (~> 0.1)
      notiffany (~> 0.0)
      pry (>= 0.9.12)
      shellany (~> 0.0)
      thor (>= 0.18.1)
    guard-bundler (2.1.0)
      bundler (~> 1.0)
      guard (~> 2.2)
      guard-compat (~> 1.1)
    guard-compat (1.2.1)
    guard-ctags-bundler (1.4.0)
      guard (>= 2.0)
      guard-compat (>= 0.1.0)
    guard-minitest (2.4.6)
      guard-compat (~> 1.2)
      minitest (>= 3.0)
    highline (1.7.8)
    i18n (0.7.0)
    ice_nine (0.11.2)
    inflecto (0.0.2)
    json (2.0.2)
    kramdown (1.12.0)
    listen (3.1.5)
      rb-fsevent (~> 0.9, >= 0.9.4)
      rb-inotify (~> 0.9, >= 0.9.7)
      ruby_dep (~> 1.2)
    lumberjack (1.0.10)
    method_source (0.8.2)
    mini_portile2 (2.1.0)
    minitest (5.9.1)
    minitest-color (0.0.2)
      minitest (~> 5)
    minitest-matchers (1.4.1)
      minitest (~> 5.0)
    minitest-profile (0.0.2)
    nenv (0.3.0)
    nokogiri (1.6.8.1)
      mini_portile2 (~> 2.1.0)
    notiffany (0.1.1)
      nenv (~> 0.1)
      shellany (~> 0.0)
    ox (2.4.5)
    pry (0.10.4)
      coderay (~> 1.1.0)
      method_source (~> 0.8.1)
      slop (~> 3.4)
    pry-byebug (3.4.1)
      byebug (~> 9.0)
      pry (~> 0.10)
    rake (11.3.0)
    rb-fsevent (0.9.7)
    rb-inotify (0.9.7)
      ffi (>= 0.5.0)
    rmagick (2.16.0)
    ruby-prof (0.16.2)
    ruby-progressbar (1.8.1)
    ruby_dep (1.4.0)
    ruby_gntp (0.3.4)
    shellany (0.0.1)
    simplecov (0.12.0)
      docile (~> 1.1.0)
      json (>= 1.8, < 3)
      simplecov-html (~> 0.10.0)
    simplecov-html (0.10.0)
    slop (3.6.0)
    thor (0.19.1)
    yard (0.9.5)

PLATFORMS
  ruby

DEPENDENCIES
  archimate!
  bundler
  faker
  guard
  guard-bundler
  guard-ctags-bundler
  guard-minitest
  kramdown
  minitest
  minitest-color
  minitest-matchers
  minitest-profile
  pry
  pry-byebug
  rake
  ruby-prof
  ruby_gntp
  simplecov
  yard

BUNDLED WITH
   1.13.2
